GEM
  remote: http://rubygems.org/
  specs:
    activesupport (3.1.0)
      multi_json (~> 1.0)
    multi_json (1.0.3)

PLATFORMS
  ruby

DEPENDENCIES
  activesupport (>= 3.1.0)
