GEM
  remote: http://rubygems.org/
  specs:
    activesupport (3.1.0)
      multi_json (~> 1.0)
    grasshopper (0.0.1)
    highline (1.6.2)
    i18n (0.6.0)
    mechanize (2.0.1)
      net-http-digest_auth (~> 1.1, >= 1.1.1)
      net-http-persistent (~> 1.8)
      nokogiri (~> 1.4)
      webrobots (~> 0.0, >= 0.0.9)
    minitest (2.5.1)
    multi_json (1.0.3)
    net-http-digest_auth (1.1.1)
    net-http-persistent (1.9)
    nokogiri (1.5.0)
    rack (1.3.2)
    sinatra (1.2.6)
      rack (~> 1.1)
      tilt (>= 1.2.2, < 2.0)
    tilt (1.3.3)
    webrobots (0.0.11)
      nokogiri (>= 1.4.4)

PLATFORMS
  ruby

DEPENDENCIES
  activesupport (>= 3.1.0)
  bundler (~> 1.0.0)
  grasshopper (>= 0.0.1)
  highline (>= 1.6.2)
  i18n (>= 0.0.4)
  mechanize (>= 2.0.1)
  minitest
  sinatra (>= 1.2.6)
